GEM
  remote: https://rubygems.org/
  specs:
    activesupport (5.0.2)
      concurrent-ruby (~> 1.0, >= 1.0.2)
      i18n (~> 0.7)
      minitest (~> 5.1)
      tzinfo (~> 1.1)
    concurrent-ruby (1.0.5)
    elasticsearch-ruby (0.0.4)
      activesupport (>= 3.0.0)
      thrift
    i18n (0.8.1)
    minitest (5.10.1)
    ruby-kafka (0.3.15)
    thread_safe (0.3.6)
    thrift (0.10.0.0)
    tzinfo (1.2.2)
      thread_safe (~> 0.1)

PLATFORMS
  ruby

DEPENDENCIES
  elasticsearch-ruby
  ruby-kafka

BUNDLED WITH
   1.12.5
